GEM
  remote: http://rubygems.org/
  specs:
    activesupport (3.0.3)
    builder (3.0.0)
    crack (0.1.8)
    git (1.2.5)
    i18n (0.5.0)
    jeweler (1.5.2)
      bundler (~> 1.0.0)
      git (>= 1.2.5)
      rake
    nokogiri (1.4.4)
    rake (0.8.7)
    rcov (0.9.9)
    savon (0.7.9)
      builder (>= 2.1.2)
      crack (>= 0.1.4)
    shoulda (2.11.3)

PLATFORMS
  ruby

DEPENDENCIES
  activesupport
  bundler (~> 1.0.0)
  i18n
  jeweler (~> 1.5.2)
  nokogiri
  rcov
  savon (~> 0.7.9)
  shoulda
